PATH
  remote: .
  specs:
    gepeto (0.0.2)
      colorize
      gli

GEM
  remote: https://rubygems.org/
  specs:
    colorize (0.7.7)
    gli (2.13.2)

PLATFORMS
  ruby

DEPENDENCIES
  gepeto!

BUNDLED WITH
   1.10.6
