GEM
  remote: https://rubygems.org/
  specs:
    colorize (0.7.7)
    gli (2.13.2)

PLATFORMS
  ruby

DEPENDENCIES
  colorize
  gli
